GEM
  remote: https://rubygems.org/
  specs:
    iconv (1.0.5)
    ruby-mp3info (0.6.16)

PLATFORMS
  ruby

DEPENDENCIES
  iconv (~> 1.0.3)
  ruby-mp3info (~> 0.6.14)

BUNDLED WITH
   1.16.1
